GEM
  remote: https://rubygems.org/
  specs:
    activesupport (4.0.0)
      i18n (~> 0.6, >= 0.6.4)
      minitest (~> 4.2)
      multi_json (~> 1.3)
      thread_safe (~> 0.1)
      tzinfo (~> 0.3.37)
    atomic (1.1.10)
    classifier (1.3.3)
      fast-stemmer (>= 1.0.0)
    colorator (0.1)
    commander (4.1.3)
      highline (~> 1.6.11)
    consular (1.0.2)
      activesupport
      thor
    consular-iterm (1.0.2)
      consular
      rb-appscript
    consular-osx (1.0.1)
      consular
      rb-appscript
    directory_watcher (1.4.1)
    fast-stemmer (1.0.2)
    highline (1.6.19)
    i18n (0.6.4)
    jekyll (1.0.3)
      classifier (~> 1.3)
      colorator (~> 0.1)
      commander (~> 4.1.3)
      directory_watcher (~> 1.4.1)
      kramdown (~> 1.0.2)
      liquid (~> 2.3)
      maruku (~> 0.5)
      pygments.rb (~> 0.5.0)
      safe_yaml (~> 0.7.0)
    kramdown (1.0.2)
    liquid (2.5.0)
    listen (0.7.3)
    maruku (0.6.1)
      syntax (>= 1.0.0)
    minitest (4.7.5)
    multi_json (1.7.7)
    posix-spawn (0.3.6)
    pygments.rb (0.5.2)
      posix-spawn (~> 0.3.6)
      yajl-ruby (~> 1.1.0)
    rb-appscript (0.6.1)
    rb-fsevent (0.9.3)
    rdiscount (2.0.7.2)
    safe_yaml (0.7.1)
    sass (3.3.0.alpha.195)
      listen (~> 0.7)
    syntax (1.0.0)
    thor (0.18.1)
    thread_safe (0.1.0)
      atomic
    tzinfo (0.3.37)
    yajl-ruby (1.1.0)

PLATFORMS
  ruby

DEPENDENCIES
  consular
  consular-iterm
  consular-osx
  jekyll
  rb-fsevent (~> 0.9)
  rdiscount
  sass (~> 3.3.0.alpha.195)
