GEM
  remote: https://rubygems.org/
  specs:
    classifier (1.3.3)
      fast-stemmer (>= 1.0.0)
    colorator (0.1)
    commander (4.1.5)
      highline (~> 1.6.11)
    directory_watcher (1.4.1)
    fast-stemmer (1.0.2)
    highline (1.6.19)
    httpclient (2.3.3)
    jekyll (1.1.2)
      classifier (~> 1.3)
      colorator (~> 0.1)
      commander (~> 4.1.3)
      directory_watcher (~> 1.4.1)
      kramdown (~> 1.0.2)
      liquid (~> 2.5.1)
      maruku (~> 0.5)
      pygments.rb (~> 0.5.0)
      redcarpet (~> 2.2.2)
      safe_yaml (~> 0.7.0)
    json (1.8.0)
    kramdown (1.0.2)
    liquid (2.5.1)
    listen (0.7.3)
    maruku (0.6.1)
      syntax (>= 1.0.0)
    posix-spawn (0.3.6)
    pygments.rb (0.5.2)
      posix-spawn (~> 0.3.6)
      yajl-ruby (~> 1.1.0)
    rake (10.1.0)
    rb-fsevent (0.9.3)
    rdiscount (2.0.7.2)
    redcarpet (2.2.2)
    reduce (0.3.0)
      smusher
    safe_yaml (0.7.1)
    sass (3.3.0.alpha.195)
      listen (~> 0.7)
    smusher (0.4.9)
      httpclient (>= 2.2)
      json
      rake
    syntax (1.0.0)
    yajl-ruby (1.1.0)

PLATFORMS
  ruby

DEPENDENCIES
  jekyll (~> 1.1.2)
  rake
  rb-fsevent (~> 0.9)
  rdiscount
  reduce
  sass (~> 3.3.0.alpha.195)
