GEM
  remote: https://rubygems.org/
  specs:
    activesupport (4.0.0)
      i18n (~> 0.6, >= 0.6.4)
      minitest (~> 4.2)
      multi_json (~> 1.3)
      thread_safe (~> 0.1)
      tzinfo (~> 0.3.37)
    atomic (1.1.13)
    classifier (1.3.3)
      fast-stemmer (>= 1.0.0)
    colorator (0.1)
    commander (4.1.5)
      highline (~> 1.6.11)
    directory_watcher (1.4.1)
    fast-stemmer (1.0.2)
    highline (1.6.19)
    httpclient (2.3.3)
    i18n (0.6.5)
    jekyll (1.2.0)
      classifier (~> 1.3)
      colorator (~> 0.1)
      commander (~> 4.1.3)
      directory_watcher (~> 1.4.1)
      liquid (~> 2.5.1)
      maruku (~> 0.5)
      pygments.rb (~> 0.5.0)
      redcarpet (~> 2.2.2)
      safe_yaml (~> 0.7.0)
    json (1.8.0)
    liquid (2.5.2)
    listen (0.7.3)
    maruku (0.6.1)
      syntax (>= 1.0.0)
    minitest (4.7.5)
    multi_json (1.7.9)
    posix-spawn (0.3.6)
    pygments.rb (0.5.2)
      posix-spawn (~> 0.3.6)
      yajl-ruby (~> 1.1.0)
    rake (10.1.0)
    rb-fsevent (0.9.3)
    rdiscount (2.0.7.2)
    redcarpet (2.2.2)
    reduce (0.3.0)
      smusher
    safe_yaml (0.7.1)
    sass (3.3.0.alpha.195)
      listen (~> 0.7)
    smusher (0.4.9)
      httpclient (>= 2.2)
      json
      rake
    syntax (1.0.0)
    thread_safe (0.1.2)
      atomic
    twitter_web_intents (0.0.1)
      activesupport (>= 3.0, < 4.1)
    tzinfo (0.3.37)
    yajl-ruby (1.1.0)

PLATFORMS
  ruby

DEPENDENCIES
  jekyll (~> 1.2)
  rake
  rb-fsevent (~> 0.9)
  rdiscount
  reduce
  sass (~> 3.3.0.alpha.195)
  twitter_web_intents
